GEM
  remote: https://rubygems.org/
  specs:
    coderay (1.1.2)
    htmlentities (4.3.4)
    method_source (0.9.2)
    mini_portile2 (2.5.1)
    nokogiri (1.11.4)
      mini_portile2 (~> 2.5.0)
      racc (~> 1.4)
    pry (0.12.2)
      coderay (~> 1.1.0)
      method_source (~> 0.9.0)
    racc (1.5.2)
    require_all (2.0.0)

PLATFORMS
  ruby

DEPENDENCIES
  htmlentities
  nokogiri
  pry
  require_all

BUNDLED WITH
   2.0.2
